GEM
  remote: https://rubygems.org/
  specs:
    colorize (0.8.1)
    concurrent-ruby (1.1.8)
    csv (3.1.9)
    faker (2.17.0)
      i18n (>= 1.6, < 2)
    i18n (1.8.10)
      concurrent-ruby (~> 1.0)
    power_assert (2.0.0)
    stop_watch (1.0.0)
    test-unit (3.4.0)
      power_assert

PLATFORMS
  ruby

DEPENDENCIES
  colorize (~> 0.8.1)
  csv (~> 3.1)
  faker (~> 2.17)
  stop_watch (~> 1.0)
  test-unit (~> 3.4)

BUNDLED WITH
   2.1.4
